PATH
  remote: .
  specs:
    overlay (0.0.1)
      gli

GEM
  remote: http://rubygems.org/
  specs:
    gli (1.6.0)
    json (1.7.1)
    little-plugger (1.1.3)
    logging (1.7.2)
      little-plugger (>= 1.1.3)
    rake (0.9.2.2)
    rdoc (3.12)
      json (~> 1.4)

PLATFORMS
  ruby

DEPENDENCIES
  gli
  logging
  overlay!
  rake
  rdoc
