PATH
  remote: .
  specs:
    overlay (0.0.1)
      gli

GEM
  remote: http://rubygems.org/
  specs:
    aws-sdk (1.5.2)
      httparty (~> 0.7)
      json (~> 1.4)
      nokogiri (>= 1.4.4)
      uuidtools (~> 2.1)
    builder (3.0.0)
    cucumber (1.2.0)
      builder (>= 2.1.2)
      diff-lcs (>= 1.1.3)
      gherkin (~> 2.10.0)
      json (>= 1.4.6)
    diff-lcs (1.1.3)
    gherkin (2.10.0)
      json (>= 1.4.6)
    gli (1.6.0)
    httparty (0.8.3)
      multi_json (~> 1.0)
      multi_xml
    json (1.7.1)
    little-plugger (1.1.3)
    logging (1.7.2)
      little-plugger (>= 1.1.3)
    multi_json (1.3.6)
    multi_xml (0.5.1)
    nokogiri (1.5.2)
    railsless-deploy (1.0.2)
    rake (0.9.2.2)
    rdoc (3.12)
      json (~> 1.4)
    rspec (2.10.0)
      rspec-core (~> 2.10.0)
      rspec-expectations (~> 2.10.0)
      rspec-mocks (~> 2.10.0)
    rspec-core (2.10.1)
    rspec-expectations (2.10.0)
      diff-lcs (~> 1.1.3)
    rspec-mocks (2.10.1)
    uuidtools (2.1.2)

PLATFORMS
  ruby

DEPENDENCIES
  aws-sdk
  cucumber
  gli
  logging
  overlay!
  railsless-deploy
  rake
  rdoc
  rspec
